GEM
  remote: https://rubygems.org/
  specs:
    coderay (1.1.2)
    color (1.8)
    method_source (0.9.0)
    minitest (5.10.1)
    mustermann (1.0.2)
    pry (0.11.3)
      coderay (~> 1.1.0)
      method_source (~> 0.9.0)
    rack (2.0.5)
    rack-protection (2.0.3)
      rack
    rack-test (1.1.0)
      rack (>= 1.0, < 3)
    sinatra (2.0.3)
      mustermann (~> 1.0)
      rack (~> 2.0)
      rack-protection (= 2.0.3)
      tilt (~> 2.0)
    tilt (2.0.8)

PLATFORMS
  ruby

DEPENDENCIES
  color
  minitest
  pry
  rack-test
  sinatra

RUBY VERSION
   ruby 2.5.1p57

BUNDLED WITH
   1.16.2
